GIT
  remote: git://github.com/bitaculous/thorify.git
  revision: 2400b9461e9d42c93bdbb7169eb223daa77ad558
  specs:
    bitaculous-thorify (1.0.2)
      pastel (~> 0.6, >= 0.6.1)
      thor (~> 0.19, >= 0.19.1)

GIT
  remote: git://github.com/jonbuda/miro.git
  revision: 10b891126ab0ce9652323c004450a76a97b9d46a
  specs:
    miro (0.4.0)
      chunky_png
      cocaine
      color
      oily_png

GIT
  remote: git://github.com/quadule/colorscore.git
  revision: 32dad8ee5d7500f01208bc9262e8d4d4f3248642
  specs:
    colorscore (0.0.5)
      color

GEM
  remote: https://rubygems.org/
  specs:
    activesupport (4.2.6)
      i18n (~> 0.7)
      json (~> 1.7, >= 1.7.7)
      minitest (~> 5.1)
      thread_safe (~> 0.3, >= 0.3.4)
      tzinfo (~> 1.1)
    addressable (2.4.0)
    ast (2.2.0)
    chunky_png (1.3.5)
    climate_control (0.0.3)
      activesupport (>= 3.0)
    cocaine (0.5.8)
      climate_control (>= 0.0.3, < 1.0)
    color (1.8)
    equatable (0.5.0)
    fastimage (2.0.0)
      addressable (~> 2)
    i18n (0.7.0)
    json (1.8.3)
    minitest (5.9.0)
    oily_png (1.2.0)
      chunky_png (~> 1.3.1)
    parser (2.3.1.0)
      ast (~> 2.2)
    pastel (0.6.1)
      equatable (~> 0.5.0)
      tty-color (~> 0.3.0)
    powerpack (0.1.1)
    rainbow (2.1.0)
    rake (11.1.2)
    rubocop (0.40.0)
      parser (>= 2.3.1.0, < 3.0)
      powerpack (~> 0.1)
      rainbow (>= 1.99.1, < 3.0)
      ruby-progressbar (~> 1.7)
      unicode-display_width (~> 1.0, >= 1.0.1)
    ruby-progressbar (1.8.1)
    thor (0.19.1)
    thread_safe (0.3.5)
    tty-color (0.3.0)
    tzinfo (1.2.2)
      thread_safe (~> 0.1)
    unicode-display_width (1.0.5)

PLATFORMS
  ruby

DEPENDENCIES
  bitaculous-thorify!
  colorscore!
  fastimage (~> 2.0.0)
  miro!
  rake (~> 11.1.2)
  rubocop (~> 0.40.0)

BUNDLED WITH
   1.12.5
